GEM
  remote: http://rubygems.org/
  specs:
    aws-s3 (0.6.3)
      builder
      mime-types
      xml-simple
    builder (3.2.2)
    ffi (1.9.3)
    mime-types (2.0)
    rb-inotify (0.9.3)
      ffi (>= 0.5.0)
    xml-simple (1.1.3)

PLATFORMS
  ruby

DEPENDENCIES
  aws-s3
  rb-inotify
